GEM
  remote: https://rubygems.org/
  specs:
    docile (1.1.5)
    json (2.0.1)
    minitest (5.9.0)
    minitest-autotest (1.0.3)
      minitest-server (~> 1.0)
    minitest-server (1.0.4)
      minitest (~> 5.0)
    rake (11.2.2)
    simplecov (0.12.0)
      docile (~> 1.1.0)
      json (>= 1.8, < 3)
      simplecov-html (~> 0.10.0)
    simplecov-html (0.10.0)

PLATFORMS
  ruby

DEPENDENCIES
  minitest-autotest
  rake
  simplecov

RUBY VERSION
   ruby 2.2.2p95

BUNDLED WITH
   1.12.5
